GEM
  remote: http://rubygems.org/
  specs:
    dotenv (0.10.0)
    foreman (0.63.0)
      dotenv (>= 0.7)
      thor (>= 0.13.6)
    sass (3.3.2)
    thor (0.18.1)

PLATFORMS
  ruby

DEPENDENCIES
  foreman
  sass
